GEM
  remote: https://rubygems.org/
  specs:
    actionmailer (3.2.12)
      actionpack (= 3.2.12)
      mail (~> 2.4.4)
    actionpack (3.2.12)
      activemodel (= 3.2.12)
      activesupport (= 3.2.12)
      builder (~> 3.0.0)
      erubis (~> 2.7.0)
      journey (~> 1.0.4)
      rack (~> 1.4.5)
      rack-cache (~> 1.2)
      rack-test (~> 0.6.1)
      sprockets (~> 2.2.1)
    activemodel (3.2.12)
      activesupport (= 3.2.12)
      builder (~> 3.0.0)
    activerecord (3.2.12)
      activemodel (= 3.2.12)
      activesupport (= 3.2.12)
      arel (~> 3.0.2)
      tzinfo (~> 0.3.29)
    activeresource (3.2.12)
      activemodel (= 3.2.12)
      activesupport (= 3.2.12)
    activesupport (3.2.12)
      i18n (~> 0.6)
      multi_json (~> 1.0)
    addressable (2.3.3)
    arel (3.0.2)
    authlogic (3.3.0)
      activerecord (>= 3.2)
      activesupport (>= 3.2)
    builder (3.0.4)
    cancan (1.6.9)
    coffee-rails (3.2.2)
      coffee-script (>= 2.2.0)
      railties (~> 3.2.0)
    coffee-script (2.2.0)
      coffee-script-source
      execjs
    coffee-script-source (1.6.2)
    coffeebeans (1.0.1)
      actionpack (>= 3.0.0)
      coffee-script
    cookiejar (0.3.0)
    daemons (1.1.9)
    em-http-request (1.0.3)
      addressable (>= 2.2.3)
      cookiejar
      em-socksify
      eventmachine (>= 1.0.0.beta.4)
      http_parser.rb (>= 0.5.3)
    em-socksify (0.2.1)
      eventmachine (>= 1.0.0.beta.4)
    erubis (2.7.0)
    eventmachine (1.0.3)
    execjs (1.4.0)
      multi_json (~> 1.0)
    faraday (0.8.7)
      multipart-post (~> 1.1)
    faye (0.8.9)
      cookiejar (>= 0.3.0)
      em-http-request (>= 0.3.0)
      eventmachine (>= 0.12.0)
      faye-websocket (>= 0.4.0)
      rack (>= 1.0.0)
      yajl-ruby (>= 1.0.0)
    faye-websocket (0.4.7)
      eventmachine (>= 0.12.0)
    hashie (2.0.3)
    hike (1.2.2)
    http_parser.rb (0.5.3)
    httpauth (0.2.0)
    i18n (0.6.4)
    journey (1.0.4)
    jquery-rails (2.2.1)
      railties (>= 3.0, < 5.0)
      thor (>= 0.14, < 2.0)
    json (1.7.7)
    jwt (0.1.8)
      multi_json (>= 1.5)
    mail (2.4.4)
      i18n (>= 0.4.0)
      mime-types (~> 1.16)
      treetop (~> 1.4.8)
    mime-types (1.22)
    multi_json (1.7.2)
    multipart-post (1.2.0)
    oauth2 (0.8.1)
      faraday (~> 0.8)
      httpauth (~> 0.1)
      jwt (~> 0.1.4)
      multi_json (~> 1.0)
      rack (~> 1.2)
    omniauth (1.1.4)
      hashie (>= 1.2, < 3)
      rack
    omniauth-facebook (1.4.0)
      omniauth-oauth2 (~> 1.0.2)
    omniauth-oauth2 (1.0.3)
      oauth2 (~> 0.8.0)
      omniauth (~> 1.0)
    polyglot (0.3.3)
    rack (1.4.5)
    rack-cache (1.2)
      rack (>= 0.4)
    rack-ssl (1.3.3)
      rack
    rack-test (0.6.2)
      rack (>= 1.0)
    rails (3.2.12)
      actionmailer (= 3.2.12)
      actionpack (= 3.2.12)
      activerecord (= 3.2.12)
      activeresource (= 3.2.12)
      activesupport (= 3.2.12)
      bundler (~> 1.0)
      railties (= 3.2.12)
    railties (3.2.12)
      actionpack (= 3.2.12)
      activesupport (= 3.2.12)
      rack-ssl (~> 1.3.2)
      rake (>= 0.8.7)
      rdoc (~> 3.4)
      thor (>= 0.14.6, < 2.0)
    rake (10.0.4)
    rdoc (3.12.2)
      json (~> 1.4)
    rolify (3.2.0)
    sass (3.2.7)
    sass-rails (3.2.6)
      railties (~> 3.2.0)
      sass (>= 3.1.10)
      tilt (~> 1.3)
    sprockets (2.2.2)
      hike (~> 1.2)
      multi_json (~> 1.0)
      rack (~> 1.0)
      tilt (~> 1.1, != 1.3.0)
    sqlite3 (1.3.7)
    thin (1.5.1)
      daemons (>= 1.0.9)
      eventmachine (>= 0.12.6)
      rack (>= 1.0.0)
    thor (0.18.1)
    tilt (1.3.6)
    treetop (1.4.12)
      polyglot
      polyglot (>= 0.3.1)
    tzinfo (0.3.37)
    uglifier (2.0.1)
      execjs (>= 0.3.0)
      multi_json (~> 1.0, >= 1.0.2)
    yajl-ruby (1.1.0)

PLATFORMS
  ruby

DEPENDENCIES
  authlogic
  cancan
  coffee-rails (~> 3.2.1)
  coffeebeans
  faye
  jquery-rails
  omniauth-facebook (= 1.4.0)
  rails (= 3.2.12)
  rolify
  sass-rails (~> 3.2.3)
  sqlite3
  thin
  uglifier (>= 1.0.3)
